GEM
  remote: http://rubygems.org/
  specs:
    columnize (0.3.1)
    linecache (0.43)
    method_info (0.1.11)
    mysql2 (0.2.3)
    nokogiri (1.4.3.1)
    ruby-debug (0.10.3)
      columnize (>= 0.1)
      ruby-debug-base (~> 0.10.3.0)
    ruby-debug-base (0.10.3)
      linecache (>= 0.3)
    string_to_editor (0.0.2)

PLATFORMS
  ruby

DEPENDENCIES
  method_info
  mysql2
  nokogiri
  ruby-debug
  string_to_editor
